GEM
  remote: https://rubygems.org/
  specs:
    faraday (2.9.0)
      faraday-net_http (>= 2.0, < 3.2)
    faraday-multipart (1.0.4)
      multipart-post (~> 2)
    faraday-net_http (3.1.0)
      net-http
    faraday-retry (2.2.0)
      faraday (~> 2.0)
    multipart-post (2.3.0)
    net-http (0.4.1)
      uri
    uri (0.13.0)

PLATFORMS
  ruby

DEPENDENCIES
  faraday
  faraday-multipart
  faraday-retry

BUNDLED WITH
   2.5.5
